PATH
  remote: .
  specs:
    git_pre_commit_debugger_points_checker (0.4.0)
      git (~> 1.5)

GEM
  remote: https://rubygems.org/
  specs:
    addressable (2.8.5)
      public_suffix (>= 2.0.2, < 6.0)
    git (1.18.0)
      addressable (~> 2.8)
      rchardet (~> 1.8)
    public_suffix (5.0.4)
    rake (13.1.0)
    rchardet (1.8.0)

PLATFORMS
  arm64-darwin-21

DEPENDENCIES
  bundler (~> 2.0)
  git_pre_commit_debugger_points_checker!
  rake (~> 13.0)

BUNDLED WITH
   2.3.26
